NUGET
  remote: https://www.nuget.org/api/v2
    Alea.CUDA (2.2.0.3307) - framework: >= net45
    Alea.CUDA.Fody (2.2.0.3307) - framework: >= net45
      Alea.CUDA (2.2.0.3307)
      Alea.CUDA.IL (2.2.0.3307)
      Alea.IL (2.2.0.3307)
      Fody (>= 1.28)
    Alea.CUDA.IL (2.2.0.3307) - framework: >= net45
      Alea.CUDA (2.2.0.3307)
      Alea.IL (2.2.0.3307)
    Alea.CUDA.Unbound (2.2.0.3307) - framework: >= net45
      Alea.CUDA (2.2.0.3307)
      Alea.CUDA.IL (2.2.0.3307)
      Alea.IL (2.2.0.3307)
    Alea.IL (2.2.0.3307) - framework: >= net45
    Argu (3.2)
    Brahma.FSharp (1.0.1)
      FSharp.Core
      FSharp.Quotations.Evaluator
      FSharpx.Collections
      OpenCL.Net (2.2.9)
      YC.PrettyPrinter
    DotNet.Contracts (1.10.20606.1) - framework: >= net45
    dotNetRDF (1.0.12)
      HtmlAgilityPack (>= 1.4.9) - framework: >= net35
      Newtonsoft.Json (>= 8.0.3) - framework: >= net35, portable-monoandroid10+monotouch10+sl4+wp8
      VDS.Common (1.6.4) - framework: >= net35, portable-monoandroid10+monotouch10+sl4+wp8
    DotParser (1.0.6) - framework: >= net45
      FSharp.Core
      FSharpx.Collections.Experimental
    ExtCore (0.8.43)
    FAKE (4.37.2)
    Fody (1.29.4)
    FsCheck (0.9.2) - framework: >= net40
    FSharp.Compiler.Service (2.0.0.6)
    FSharp.Control.AsyncSeq (2.0.9)
    FSharp.Core (4.0.0.1)
    FSharp.Formatting (2.14.4)
      FSharp.Compiler.Service (2.0.0.6)
      FSharpVSPowerTools.Core (>= 2.3 < 2.4)
    FSharp.Quotations.Evaluator (1.0.7)
    FSharpVSPowerTools.Core (2.3)
      FSharp.Compiler.Service (>= 2.0.0.3)
    FSharpx.Async (1.12)
      FSharp.Control.AsyncSeq
    FSharpx.Collections (1.15.2)
      FSharp.Core
    FSharpx.Collections.Experimental (1.15.2) - framework: >= net45
      FSharp.Core
      FSharpx.Collections (>= 1.15.2)
    FSharpx.Core (1.8.32)
    FSharpx.Extras (1.10.3)
      FSharpx.Async (>= 1.12)
      FSharpx.Collections (>= 1.10.1)
    FSharpx.Text.StructuredFormat (1.10.3)
      FSharpx.Async (>= 1.12)
      FSharpx.Collections (>= 1.10.1)
      FSharpx.Extras (1.10.3)
    FsLexYacc (6.0) - framework: >= net45
    FsLexYacc.Runtime (6.0.2) - framework: >= net40
    FSPowerPack.Community (3.0) - framework: >= net45
      FSPowerPack.Linq.Community
      FSPowerPack.Metadata.Community
      FSPowerPack.Parallel.Seq.Community
    FSPowerPack.Core.Community (3.0) - framework: >= net45
    FSPowerPack.Linq.Community (3.0) - framework: >= net45
      FSPowerPack.Core.Community
    FSPowerPack.Metadata.Community (3.0) - framework: >= net45
      FSPowerPack.Core.Community
    FSPowerPack.Parallel.Seq.Community (3.0) - framework: >= net45
      FSPowerPack.Core.Community
    FsUnit (1.3.0.1) - framework: >= net40
      NUnit (>= 2.6.3)
    HtmlAgilityPack (1.4.9.5) - framework: >= net35
    Microsoft.Bcl (1.1.10) - framework: net10, net11, net20, net30, net35, net40, net40-full
      Microsoft.Bcl.Build (>= 1.0.14)
    Microsoft.Bcl.Build (1.0.21) - import_targets: false, framework: net10, net11, net20, net30, net35, net40, net40-full
    Microsoft.CSharp (4.3) - framework: >= net35
    Microsoft.Net.Http (2.2.29) - framework: net10, net11, net20, net30, net35, net40, net40-full
      Microsoft.Bcl (>= 1.1.10)
      Microsoft.Bcl.Build (>= 1.0.14)
    Mono.Addins (1.3)
    Newtonsoft.Json (9.0.1) - framework: >= net35, portable-monoandroid10+monotouch10+sl4+wp8
      Microsoft.CSharp (>= 4.0.1) - framework: >= netstandard10
      System.Collections (>= 4.0.11) - framework: >= netstandard10
      System.Diagnostics.Debug (>= 4.0.11) - framework: >= netstandard10
      System.Dynamic.Runtime (>= 4.0.11) - framework: >= netstandard10
      System.Globalization (>= 4.0.11) - framework: >= netstandard10
      System.IO (>= 4.1) - framework: >= netstandard10
      System.Linq (>= 4.1) - framework: >= netstandard10
      System.Linq.Expressions (>= 4.1) - framework: >= netstandard10
      System.ObjectModel (>= 4.0.12) - framework: >= netstandard10
      System.Reflection (>= 4.1) - framework: >= netstandard10
      System.Reflection.Extensions (>= 4.0.1) - framework: >= netstandard10
      System.Resources.ResourceManager (>= 4.0.1) - framework: >= netstandard10
      System.Runtime (>= 4.1) - framework: >= netstandard10
      System.Runtime.Extensions (>= 4.1) - framework: >= netstandard10
      System.Runtime.Serialization.Primitives (>= 4.1.1) - framework: >= netstandard10
      System.Text.Encoding (>= 4.0.11) - framework: >= netstandard10
      System.Text.Encoding.Extensions (>= 4.0.11) - framework: >= netstandard10
      System.Text.RegularExpressions (>= 4.1) - framework: >= netstandard10
      System.Threading (>= 4.0.11) - framework: >= netstandard10
      System.Threading.Tasks (>= 4.0.11) - framework: >= netstandard10
      System.Xml.ReaderWriter (>= 4.0.11) - framework: >= netstandard10
      System.Xml.XDocument (>= 4.0.11) - framework: >= netstandard10
    NLog (2.0.1.2) - framework: >= net40
    NLog.Config (2.0.1.2) - framework: >= net40
      NLog (>= 2.0.1.2)
    NuGet.CommandLine (3.4.3)
    NUnit (3.4.1)
    NUnit.ConsoleRunner (3.4.1)
    NUnit.Extension.NUnitProjectLoader (3.4.1)
    NUnit.Extension.NUnitV2Driver (3.4.1)
    NUnit.Extension.NUnitV2ResultWriter (3.4.1)
    NUnit.Extension.TeamCityEventListener (1.0.1)
    NUnit.Extension.VSProjectLoader (3.4.1)
    NUnit.Runners (3.4.1)
      NUnit.ConsoleRunner (>= 3.4.1)
      NUnit.Extension.NUnitProjectLoader (>= 3.4.1)
      NUnit.Extension.NUnitV2Driver (>= 3.4.1)
      NUnit.Extension.NUnitV2ResultWriter (>= 3.4.1)
      NUnit.Extension.TeamCityEventListener (>= 1.0.1)
      NUnit.Extension.VSProjectLoader (>= 3.4.1)
    Octokit (0.21.1)
      Microsoft.Net.Http  - framework: net10, net11, net20, net30, net35, net40, net40-full
    OpenCL.Net (2.2.9)
    SourceLink.Fake (1.1)
    System.Collections (4.3) - framework: >= net35
    System.Diagnostics.Debug (4.3) - framework: >= net35
    System.Dynamic.Runtime (4.3) - framework: >= net35
    System.Globalization (4.3) - framework: >= net35
    System.IO (4.3) - framework: >= net35
    System.Linq (4.3) - framework: >= net35
    System.Linq.Expressions (4.3) - framework: >= net35
    System.ObjectModel (4.3) - framework: >= net35
    System.Reflection (4.3) - framework: >= net35
    System.Reflection.Extensions (4.3) - framework: >= net35
    System.Resources.ResourceManager (4.3) - framework: >= net35
    System.Runtime (4.3) - framework: >= net35
    System.Runtime.Extensions (4.3) - framework: >= net35
    System.Runtime.Serialization.Primitives (4.3) - framework: >= net35
    System.Text.Encoding (4.3) - framework: >= net35
    System.Text.Encoding.Extensions (4.3) - framework: >= net35
    System.Text.RegularExpressions (4.3) - framework: >= net35
    System.Threading (4.3) - framework: >= net35
    System.Threading.Tasks (4.3) - framework: >= net35
    System.Xml.ReaderWriter (4.3) - framework: >= net35
    System.Xml.XDocument (4.3) - framework: >= net35
    VDS.Common (1.6.4) - framework: >= net35, portable-monoandroid10+monotouch10+sl4+wp8
    Virtuosity.Fody (1.19.12)
      Fody (>= 1.29.2)
    YC.PrettyPrinter (0.0.5)
      FSharp.Core
    YC.QuickGraph (3.7.2) - framework: >= net45
      DotNet.Contracts
      DotParser (>= 1.0.5)
      FSharp.Core
    YC.Utils.SourceText (0.3.0.1)
      FSharp.Core (4.0.0.1)
GITHUB
  remote: fsharp/FAKE
    modules/Octokit/Octokit.fsx (e842705560e95dd75dd2c6a78fb1ae62db545297)
      Octokit (>= 0.20)